GEM
  remote: https://rubygems.org/
  specs:
    byebug (9.1.0)
    coderay (1.1.1)
    colorize (0.8.1)
    method_source (0.9.0)
    pry (0.11.3)
      coderay (~> 1.1.0)
      method_source (~> 0.9.0)
    pry-byebug (3.5.1)
      byebug (~> 9.1)
      pry (~> 0.10)

PLATFORMS
  ruby

DEPENDENCIES
  colorize
  pry-byebug

BUNDLED WITH
   1.14.6
